GEM
  remote: http://rubygems.org/
  specs:
    coderay (1.0.7)
    diff-lcs (1.1.3)
    ffi (1.1.0)
    growl (1.0.3)
    growl_notify (0.0.3)
      rb-appscript
    guard (1.2.3)
      listen (>= 0.4.2)
      thor (>= 0.14.6)
    guard-rspec (1.2.0)
      guard (>= 1.1)
    listen (0.4.7)
      rb-fchange (~> 0.0.5)
      rb-fsevent (~> 0.9.1)
      rb-inotify (~> 0.8.8)
    method_source (0.8)
    pry (0.9.10)
      coderay (~> 1.0.5)
      method_source (~> 0.8)
      slop (~> 3.3.1)
    rake (0.9.2.2)
    rb-appscript (0.6.1)
    rb-fchange (0.0.5)
      ffi
    rb-fsevent (0.9.1)
    rb-inotify (0.8.8)
      ffi (>= 0.5.0)
    rspec (2.11.0)
      rspec-core (~> 2.11.0)
      rspec-expectations (~> 2.11.0)
      rspec-mocks (~> 2.11.0)
    rspec-core (2.11.1)
    rspec-expectations (2.11.1)
      diff-lcs (~> 1.1.3)
    rspec-mocks (2.11.1)
    rvm (1.11.3.5)
    slop (3.3.2)
    thor (0.15.4)
    wirble (0.1.3)

PLATFORMS
  ruby

DEPENDENCIES
  bundler
  coderay
  diff-lcs
  ffi
  growl
  growl_notify
  guard
  guard-rspec
  listen
  method_source
  pry
  rake
  rb-appscript
  rb-fchange
  rb-fsevent
  rb-inotify
  rspec
  rspec-core
  rspec-expectations
  rspec-mocks
  rvm
  slop
  thor
  wirble
